GEM
  remote: https://rubygems.org/
  specs:
    bourbon (3.1.8)
      sass (>= 3.2.0)
      thor
    ffi (1.9.3)
    rb-inotify (0.9.2)
      ffi (>= 0.5.0)
    sass (3.2.12)
    thor (0.18.1)

PLATFORMS
  ruby

DEPENDENCIES
  bourbon
  rb-inotify
  sass
